GEM
  remote: https://rubygems.org/
  specs:
    auto_click (0.2.0)
    childprocess (0.5.5)
      ffi (~> 1.0, >= 1.0.11)
    ffi (1.9.6)
    ffi (1.9.6-x86-mingw32)
    multi_json (1.10.1)
    rubyzip (1.1.6)
    selenium-webdriver (2.43.0)
      childprocess (~> 0.5)
      multi_json (~> 1.0)
      rubyzip (~> 1.0)
      websocket (~> 1.0)
    websocket (1.2.1)

PLATFORMS
  ruby
  x86-mingw32

DEPENDENCIES
  auto_click
  selenium-webdriver
